GEM
  remote: https://rubygems.org/
  specs:
    desmoservice (0.2.1)
    rack (1.6.4)
    rack-protection (1.5.3)
      rack
    sinatra (1.4.6)
      rack (~> 1.4)
      rack-protection (~> 1.4)
      tilt (>= 1.3, < 3)
    tilt (2.0.1)

PLATFORMS
  ruby

DEPENDENCIES
  desmoservice (>= 0.2.1)
  sinatra

BUNDLED WITH
   1.10.6
